PATH
  remote: .
  specs:
    app (0.1.0)
      builder (~> 3.2.3)
      exif (~> 2.2.0)
      thor (~> 0.20)

GEM
  remote: https://rubygems.org/
  specs:
    builder (3.2.3)
    exif (2.2.0)
    minitest (5.11.3)
    rake (10.5.0)
    thor (0.20.3)

PLATFORMS
  ruby

DEPENDENCIES
  app!
  bundler (~> 1.17)
  minitest (~> 5.0)
  rake (~> 10.0)

BUNDLED WITH
   1.17.3
